PATH
  remote: .
  specs:
    cookie_monster (0.1.3)
      activesupport (>= 3.0.0)

GEM
  remote: http://rubygems.org/
  specs:
    activesupport (3.2.13)
      i18n (= 0.6.1)
      multi_json (~> 1.0)
    i18n (0.6.1)
    metaclass (0.0.1)
    mocha (0.14.0)
      metaclass (~> 0.0.1)
    multi_json (1.7.7)
    rake (10.0.4)

PLATFORMS
  ruby

DEPENDENCIES
  cookie_monster!
  mocha (~> 0.14.0)
  rake (~> 10.0.4)
